GEM
  remote: http://rubygems.org/
  specs:
    coderay (1.0.6)
    jenkins-plugin-runtime (0.2.2)
      json
      slop (~> 3.0.2)
    json (1.7.3-java)
    method_source (0.7.1)
    pry (0.8.3-java)
      coderay (>= 0.9.7)
      method_source (>= 0.4.0)
      ruby_parser (>= 2.0.5)
      slop (>= 1.5.3)
    ruby_parser (2.3.1)
      sexp_processor (~> 3.0)
    sexp_processor (3.2.0)
    slop (3.0.4)

PLATFORMS
  java

DEPENDENCIES
  jenkins-plugin-runtime (~> 0.2.0)
  pry
